GEM
  remote: https://rubygems.org/
  specs:
    nokogiri (1.5.6-x86-mingw32)
    rake (10.0.3)

PLATFORMS
  x86-mingw32

DEPENDENCIES
  nokogiri
  rake
